PATH
  remote: .
  specs:
    takes_macro (0.1.0)

GEM
  remote: https://rubygems.org/
  specs:
    attr_extras (5.2.0)
    benchmark-ips (2.7.2)
    minitest (5.11.3)
    rake (10.5.0)

PLATFORMS
  ruby

DEPENDENCIES
  attr_extras (~> 5.2.0)
  benchmark-ips (~> 2.7.2)
  bundler (~> 1.16)
  minitest (~> 5.0)
  rake (~> 10.0)
  takes_macro!

BUNDLED WITH
   1.16.1
